GEM
  remote: http://rubygems.org/
  specs:
    maruku (0.7.2)
    puma (3.12.0)
    rack (2.0.5)
    roda (3.11.0)
      rack
    rouge (1.7.7)
    tilt (2.0.9)
    tubby (1.0)

PLATFORMS
  ruby

DEPENDENCIES
  maruku
  puma
  roda
  rouge
  tilt
  tubby

BUNDLED WITH
   1.17.2
