GIT
  remote: git://github.com/judofyr/tubby.git
  revision: e3848d09ad75399b7cea5eb1718ab4d5ed5327d5
  specs:
    tubby (1.master)

GEM
  remote: http://rubygems.org/
  specs:
    maruku (0.7.2)
    puma (3.12.0)
    rack (2.0.5)
    roda (3.11.0)
      rack
    rouge (1.7.7)
    tilt (2.0.9)

PLATFORMS
  ruby

DEPENDENCIES
  maruku
  puma
  roda
  rouge
  tilt
  tubby!

BUNDLED WITH
   1.16.2
